PATH
  remote: .
  specs:
    versionaire (1.2.0)

GEM
  remote: https://rubygems.org/
  specs:
    ast (2.2.0)
    awesome_print (1.6.1)
    bond (0.5.1)
    byebug (9.0.5)
    codeclimate-test-reporter (0.5.1)
      simplecov (>= 0.7.1, < 1.0.0)
    coderay (1.1.1)
    diff-lcs (1.2.5)
    docile (1.1.5)
    ffi (1.9.10)
    formatador (0.2.5)
    gemsmith (7.7.0)
      milestoner (~> 3.0)
      refinements (~> 2.2)
      thor (~> 0.19)
      thor_plus (~> 3.0)
      tocer (~> 2.2)
      versionaire (~> 1.2)
    guard (2.14.0)
      formatador (>= 0.2.4)
      listen (>= 2.7, < 4.0)
      lumberjack (~> 1.0)
      nenv (~> 0.1)
      notiffany (~> 0.0)
      pry (>= 0.9.12)
      shellany (~> 0.0)
      thor (>= 0.18.1)
    guard-compat (1.2.1)
    guard-rspec (4.7.2)
      guard (~> 2.1)
      guard-compat (~> 1.1)
      rspec (>= 2.99.0, < 4.0)
    hirb (0.7.3)
    json (1.8.3)
    listen (3.1.5)
      rb-fsevent (~> 0.9, >= 0.9.4)
      rb-inotify (~> 0.9, >= 0.9.7)
      ruby_dep (~> 1.2)
    lumberjack (1.0.10)
    method_source (0.8.2)
    milestoner (3.0.0)
      thor (~> 0.19)
      thor_plus (~> 3.0)
      versionaire (~> 1.1)
    nenv (0.3.0)
    notiffany (0.1.0)
      nenv (~> 0.1)
      shellany (~> 0.0)
    paint (1.0.1)
    parser (2.3.1.2)
      ast (~> 2.2)
    powerpack (0.1.1)
    pry (0.10.3)
      coderay (~> 1.1.0)
      method_source (~> 0.8.1)
      slop (~> 3.4)
    pry-byebug (3.4.0)
      byebug (~> 9.0)
      pry (~> 0.10)
    pry-state (0.1.7)
      pry (>= 0.9.10, < 0.11.0)
    rainbow (2.1.0)
    rake (11.1.2)
    rb-fsevent (0.9.7)
    rb-inotify (0.9.7)
      ffi (>= 0.5.0)
    refinements (2.2.1)
    rspec (3.4.0)
      rspec-core (~> 3.4.0)
      rspec-expectations (~> 3.4.0)
      rspec-mocks (~> 3.4.0)
    rspec-core (3.4.4)
      rspec-support (~> 3.4.0)
    rspec-expectations (3.4.0)
      diff-lcs (>= 1.2.0, < 2.0)
      rspec-support (~> 3.4.0)
    rspec-mocks (3.4.1)
      diff-lcs (>= 1.2.0, < 2.0)
      rspec-support (~> 3.4.0)
    rspec-support (3.4.1)
    rubocop (0.40.0)
      parser (>= 2.3.1.0, < 3.0)
      powerpack (~> 0.1)
      rainbow (>= 1.99.1, < 3.0)
      ruby-progressbar (~> 1.7)
      unicode-display_width (~> 1.0, >= 1.0.1)
    ruby-progressbar (1.8.1)
    ruby_dep (1.3.1)
    shellany (0.0.1)
    simplecov (0.11.2)
      docile (~> 1.1.0)
      json (~> 1.8)
      simplecov-html (~> 0.10.0)
    simplecov-html (0.10.0)
    slop (3.6.0)
    terminal-notifier (1.6.3)
    terminal-notifier-guard (1.7.0)
    thor (0.19.1)
    thor_plus (3.1.0)
      thor (~> 0.19)
    tocer (2.2.0)
      refinements (~> 2.2)
      thor (~> 0.19)
      thor_plus (~> 3.0)
    unicode-display_width (1.0.5)
    wirb (2.0.0)
      paint (>= 0.9, < 2.0)

PLATFORMS
  ruby

DEPENDENCIES
  awesome_print
  bond
  bundler (~> 1.12)
  codeclimate-test-reporter
  gemsmith (~> 7.7)
  guard-rspec
  hirb
  pry
  pry-byebug
  pry-state
  rake (~> 11.0)
  rb-fsevent
  rspec (~> 3.4)
  rubocop (~> 0.40)
  terminal-notifier
  terminal-notifier-guard
  versionaire!
  wirb

BUNDLED WITH
   1.12.5
