PATH
  remote: .
  specs:
    versionaire (2.0.0)

GEM
  remote: https://rubygems.org/
  specs:
    ast (2.3.0)
    awesome_print (1.7.0)
    bond (0.5.1)
    byebug (9.0.6)
    codeclimate-test-reporter (0.6.0)
      simplecov (>= 0.7.1, < 1.0.0)
    coderay (1.1.1)
    diff-lcs (1.2.5)
    docile (1.1.5)
    ffi (1.9.14)
    formatador (0.2.5)
    gemsmith (7.7.0)
      milestoner (~> 4.0)
      pragmater (~> 2.0)
      refinements (~> 3.0)
      runcom (~> 0.2)
      thor (~> 0.19)
      thor_plus (~> 4.0)
      tocer (~> 3.0)
      versionaire (~> 2.0)
    guard (2.14.0)
      formatador (>= 0.2.4)
      listen (>= 2.7, < 4.0)
      lumberjack (~> 1.0)
      nenv (~> 0.1)
      notiffany (~> 0.0)
      pry (>= 0.9.12)
      shellany (~> 0.0)
      thor (>= 0.18.1)
    guard-compat (1.2.1)
    guard-rspec (4.7.3)
      guard (~> 2.1)
      guard-compat (~> 1.1)
      rspec (>= 2.99.0, < 4.0)
    hirb (0.7.3)
    json (2.0.2)
    listen (3.1.5)
      rb-fsevent (~> 0.9, >= 0.9.4)
      rb-inotify (~> 0.9, >= 0.9.7)
      ruby_dep (~> 1.2)
    lumberjack (1.0.10)
    method_source (0.8.2)
    milestoner (4.0.0)
      runcom (~> 0.2)
      thor (~> 0.19)
      thor_plus (~> 4.0)
      versionaire (~> 2.0)
    nenv (0.3.0)
    notiffany (0.1.1)
      nenv (~> 0.1)
      shellany (~> 0.0)
    paint (1.0.1)
    parser (2.3.1.4)
      ast (~> 2.2)
    powerpack (0.1.1)
    pragmater (2.0.0)
      runcom (~> 0.2)
      thor (~> 0.19)
      thor_plus (~> 4.0)
    pry (0.10.4)
      coderay (~> 1.1.0)
      method_source (~> 0.8.1)
      slop (~> 3.4)
    pry-byebug (3.4.0)
      byebug (~> 9.0)
      pry (~> 0.10)
    pry-state (0.1.7)
      pry (>= 0.9.10, < 0.11.0)
    rainbow (2.1.0)
    rake (11.3.0)
    rb-fsevent (0.9.8)
    rb-inotify (0.9.7)
      ffi (>= 0.5.0)
    refinements (3.0.0)
    rspec (3.5.0)
      rspec-core (~> 3.5.0)
      rspec-expectations (~> 3.5.0)
      rspec-mocks (~> 3.5.0)
    rspec-core (3.5.4)
      rspec-support (~> 3.5.0)
    rspec-expectations (3.5.0)
      diff-lcs (>= 1.2.0, < 2.0)
      rspec-support (~> 3.5.0)
    rspec-mocks (3.5.0)
      diff-lcs (>= 1.2.0, < 2.0)
      rspec-support (~> 3.5.0)
    rspec-support (3.5.0)
    rubocop (0.45.0)
      parser (>= 2.3.1.1, < 3.0)
      powerpack (~> 0.1)
      rainbow (>= 1.99.1, < 3.0)
      ruby-progressbar (~> 1.7)
      unicode-display_width (~> 1.0, >= 1.0.1)
    ruby-progressbar (1.8.1)
    ruby_dep (1.5.0)
    runcom (0.2.0)
      refinements (~> 3.0)
    shellany (0.0.1)
    simplecov (0.12.0)
      docile (~> 1.1.0)
      json (>= 1.8, < 3)
      simplecov-html (~> 0.10.0)
    simplecov-html (0.10.0)
    slop (3.6.0)
    thor (0.19.1)
    thor_plus (4.0.0)
      thor (~> 0.19)
    tocer (3.0.0)
      refinements (~> 3.0)
      runcom (~> 0.2)
      thor (~> 0.19)
      thor_plus (~> 4.0)
    unicode-display_width (1.1.1)
    wirb (2.1.0)
      paint (>= 0.9, < 2.0)

PLATFORMS
  ruby

DEPENDENCIES
  awesome_print (~> 1.7)
  bond (~> 0.5)
  bundler (~> 1.13)
  codeclimate-test-reporter (~> 0.6)
  gemsmith (~> 7.7)
  guard-rspec (~> 4.7)
  hirb (~> 0.7)
  pry (~> 0.10)
  pry-byebug (~> 3.4)
  pry-state (~> 0.1)
  rake (~> 11.0)
  rspec (~> 3.5)
  rubocop (~> 0.45)
  versionaire!
  wirb (~> 2.0)

BUNDLED WITH
   1.13.6
